GEM
  remote: https://rubygems.org/
  specs:
    CFPropertyList (2.2.8)
    ast (2.0.0)
    astrolabe (1.3.0)
      parser (>= 2.2.0.pre.3, < 3.0)
    awesome_print (1.6.1)
    binding_of_caller (0.7.2)
      debug_inspector (>= 0.0.1)
    bogus (0.1.6)
      dependor (>= 0.0.4)
    byebug (4.0.5)
      columnize (= 0.9.0)
    celluloid (0.16.0)
      timers (~> 4.0.0)
    codeclimate-test-reporter (0.4.7)
      simplecov (>= 0.7.1, < 1.0.0)
    coderay (1.1.0)
    columnize (0.9.0)
    coveralls (0.8.1)
      json (~> 1.8)
      rest-client (>= 1.6.8, < 2)
      simplecov (~> 0.10.0)
      term-ansicolor (~> 1.3)
      thor (~> 0.19.1)
    debug_inspector (0.0.2)
    dependor (1.0.1)
    diff-lcs (1.2.5)
    docile (1.1.5)
    domain_name (0.5.24)
      unf (>= 0.0.5, < 1.0.0)
    facter (2.4.3)
      CFPropertyList (~> 2.2.6)
    ffi (1.9.8)
    formatador (0.2.5)
    guard (2.12.5)
      formatador (>= 0.2.4)
      listen (~> 2.7)
      lumberjack (~> 1.0)
      nenv (~> 0.1)
      notiffany (~> 0.0)
      pry (>= 0.9.12)
      shellany (~> 0.0)
      thor (>= 0.18.1)
    guard-bundler (2.1.0)
      bundler (~> 1.0)
      guard (~> 2.2)
      guard-compat (~> 1.1)
    guard-compat (1.2.1)
    guard-rspec (4.5.0)
      guard (~> 2.1)
      guard-compat (~> 1.1)
      rspec (>= 2.99.0, < 4.0)
    hiera (2.0.0)
      json_pure
    hitimes (1.2.2)
    http-cookie (1.0.2)
      domain_name (~> 0.5)
    json (1.8.2)
    json_pure (1.8.2)
    listen (2.10.0)
      celluloid (~> 0.16.0)
      rb-fsevent (>= 0.9.3)
      rb-inotify (>= 0.9)
    lumberjack (1.0.9)
    metaclass (0.0.4)
    method_source (0.8.2)
    mime-types (2.5)
    mocha (1.1.0)
      metaclass (~> 0.0.1)
    nenv (0.2.0)
    netrc (0.10.3)
    notiffany (0.0.6)
      nenv (~> 0.1)
      shellany (~> 0.0)
    parser (2.2.2.2)
      ast (>= 1.1, < 3.0)
    powerpack (0.1.1)
    pry (0.10.1)
      coderay (~> 1.1.0)
      method_source (~> 0.8.1)
      slop (~> 3.4)
    pry-byebug (3.1.0)
      byebug (~> 4.0)
      pry (~> 0.10)
    pry-stack_explorer (0.4.9.2)
      binding_of_caller (>= 0.7)
      pry (>= 0.9.11)
    puppet (4.0.0)
      facter (> 2.0, < 4)
      hiera (>= 2.0, < 3)
      json_pure
    puppet-blacksmith (3.3.1)
      puppet (>= 2.7.16)
      rest-client
    puppet-lint (1.1.0)
    puppet-syntax (2.0.0)
      rake
    puppetlabs_spec_helper (0.10.3)
      mocha
      puppet-lint
      puppet-syntax
      rake
      rspec-puppet
    racc (1.4.12)
    rainbow (2.0.0)
    rake (10.4.2)
    rb-fsevent (0.9.4)
    rb-inotify (0.9.5)
      ffi (>= 0.5.0)
    rest-client (1.8.0)
      http-cookie (>= 1.0.2, < 2.0)
      mime-types (>= 1.16, < 3.0)
      netrc (~> 0.7)
    rexical (1.0.5)
    rspec (3.2.0)
      rspec-core (~> 3.2.0)
      rspec-expectations (~> 3.2.0)
      rspec-mocks (~> 3.2.0)
    rspec-collection_matchers (1.1.2)
      rspec-expectations (>= 2.99.0.beta1)
    rspec-core (3.2.3)
      rspec-support (~> 3.2.0)
    rspec-expectations (3.2.1)
      diff-lcs (>= 1.2.0, < 2.0)
      rspec-support (~> 3.2.0)
    rspec-its (1.2.0)
      rspec-core (>= 3.0.0)
      rspec-expectations (>= 3.0.0)
    rspec-mocks (3.2.1)
      diff-lcs (>= 1.2.0, < 2.0)
      rspec-support (~> 3.2.0)
    rspec-puppet (2.1.0)
      rspec
    rspec-support (3.2.2)
    rubocop (0.31.0)
      astrolabe (~> 1.3)
      parser (>= 2.2.2.1, < 3.0)
      powerpack (~> 0.1)
      rainbow (>= 1.99.1, < 3.0)
      ruby-progressbar (~> 1.4)
    ruby-progressbar (1.7.5)
    ruby_gntp (0.3.4)
    shellany (0.0.1)
    simplecov (0.10.0)
      docile (~> 1.1.0)
      json (~> 1.8)
      simplecov-html (~> 0.10.0)
    simplecov-html (0.10.0)
    slop (3.6.0)
    term-ansicolor (1.3.0)
      tins (~> 1.0)
    thor (0.19.1)
    timers (4.0.1)
      hitimes
    tins (1.5.1)
    unf (0.1.4)
      unf_ext
    unf_ext (0.0.7.1)
    yard (0.8.7.6)

PLATFORMS
  ruby

DEPENDENCIES
  awesome_print
  bogus
  byebug
  codeclimate-test-reporter
  coveralls
  guard-bundler
  guard-rspec
  hiera
  pry
  pry-byebug
  pry-stack_explorer
  puppet
  puppet-blacksmith
  puppetlabs_spec_helper
  racc
  rake
  rexical
  rspec
  rspec-collection_matchers
  rspec-its
  rubocop
  ruby_gntp
  yard
