GIT
  remote: https://github.com/brigade/overcommit.git
  revision: c96cf0bdae19a28eee0f9871a983c529a2a086ae
  specs:
    overcommit (0.44.0)
      childprocess (~> 0.6, >= 0.6.3)
      iniparse (~> 1.4)

GIT
  remote: https://github.com/enterprisemodules/beaker-docker.git
  revision: 52a5fc118e699e01679e02d25e346e92142fead9
  ref: 52a5fc118e699e01679e02d25e346e92142fead9
  specs:
    beaker-docker (0.2.0)
      docker-api
      stringify-hash (~> 0.0.0)

GIT
  remote: https://github.com/enterprisemodules/beaker.git
  revision: ced1a91b73b46a9d3a2d3586b84d12b8e2354f05
  specs:
    beaker (3.29.0)
      beaker-abs (~> 0.4)
      beaker-aws (~> 0.1)
      beaker-docker (~> 0.1)
      beaker-google (~> 0.1)
      beaker-hiera (~> 0.0)
      beaker-hostgenerator
      beaker-openstack (~> 0.1)
      beaker-puppet (~> 0.0)
      beaker-vagrant (~> 0.1)
      beaker-vcloud (~> 0.1)
      beaker-vmpooler (~> 1.0)
      beaker-vmware (~> 0.1)
      hocon (~> 1.0)
      in-parallel (~> 0.1)
      inifile (~> 3.0)
      minitar (~> 0.6)
      minitest (~> 5.4)
      net-scp (~> 1.2)
      net-ssh (~> 4.0)
      open_uri_redirections (~> 0.2.1)
      pry-byebug (~> 3.4.2)
      rb-readline (~> 0.5.3)
      rsync (~> 1.0.9)
      stringify-hash (~> 0.0)
      thor (~> 0.19)

GIT
  remote: https://github.com/enterprisemodules/easy_type_helpers.git
  revision: 489952e63a3ef7cec0584f5a7387fc92baf48a2a
  specs:
    easy_type_helpers (0.1.0)

GEM
  remote: https://rubygems.org/
  specs:
    CFPropertyList (2.3.6)
    addressable (2.5.2)
      public_suffix (>= 2.0.2, < 4.0)
    ansi (1.5.0)
    ast (2.4.0)
    aws-sdk-v1 (1.67.0)
      json (~> 1.4)
      nokogiri (~> 1)
    axiom-types (0.1.1)
      descendants_tracker (~> 0.0.4)
      ice_nine (~> 0.11.0)
      thread_safe (~> 0.3, >= 0.3.1)
    beaker-abs (0.5.0)
    beaker-answers (0.22.0)
      hocon (~> 1.0)
      require_all (~> 1.3.2)
      stringify-hash (~> 0.0.0)
    beaker-aws (0.4.0)
      aws-sdk-v1 (~> 1.57)
      stringify-hash (~> 0.0.0)
    beaker-google (0.1.0)
      google-api-client (~> 0.9)
      stringify-hash (~> 0.0.0)
    beaker-hiera (0.1.1)
      stringify-hash (~> 0.0.0)
    beaker-hostgenerator (1.1.7)
      deep_merge (~> 1.0)
      stringify-hash (~> 0.0.0)
    beaker-module_install_helper (0.1.7)
      beaker (>= 2.0)
    beaker-openstack (0.2.0)
      fog-openstack
      stringify-hash (~> 0.0.0)
    beaker-pe (1.38.0)
      beaker-abs
      beaker-answers (~> 0.0)
      stringify-hash (~> 0.0.0)
    beaker-puppet (0.10.0)
      in-parallel (~> 0.1)
      oga
      stringify-hash (~> 0.0.0)
    beaker-puppet_install_helper (0.7.1)
      beaker (>= 2.0)
    beaker-rspec (6.2.3)
      beaker (~> 3.0)
      rspec (~> 3.0)
      serverspec (~> 2)
      specinfra (~> 2)
    beaker-vagrant (0.4.0)
      stringify-hash (~> 0.0.0)
    beaker-vcloud (0.2.0)
      beaker-vmpooler
      beaker-vmware
      rbvmomi (~> 1.9)
      stringify-hash (~> 0.0.0)
    beaker-vmpooler (1.2.0)
      stringify-hash (~> 0.0.0)
    beaker-vmware (0.2.0)
      fission (~> 0.4)
      rbvmomi (~> 1.9)
      stringify-hash (~> 0.0.0)
    brakeman (4.2.0)
    builder (3.2.3)
    bundle-audit (0.1.0)
      bundler-audit
    bundler-audit (0.6.0)
      bundler (~> 1.2)
      thor (~> 0.18)
    byebug (9.0.6)
    childprocess (0.9.0)
      ffi (~> 1.0, >= 1.0.11)
    codeclimate-engine-rb (0.4.1)
      virtus (~> 1.0)
    coderay (1.1.2)
    coercible (1.0.0)
      descendants_tracker (~> 0.0.1)
    colorize (0.8.1)
    declarative (0.0.10)
    declarative-option (0.1.0)
    deep_merge (1.2.1)
    descendants_tracker (0.0.4)
      thread_safe (~> 0.3, >= 0.3.1)
    diff-lcs (1.3)
    docker-api (1.34.2)
      excon (>= 0.47.0)
      multi_json
    domain_name (0.5.20170404)
      unf (>= 0.0.5, < 1.0.0)
    equalizer (0.0.11)
    excon (0.61.0)
    facter (2.5.1)
    faraday (0.14.0)
      multipart-post (>= 1.2, < 3)
    fast_gettext (1.1.2)
    fasterer (0.4.0)
      colorize (~> 0.7)
      ruby_parser (~> 3.9)
    ffi (1.9.23)
    fission (0.5.0)
      CFPropertyList (~> 2.2)
    fog-core (1.45.0)
      builder
      excon (~> 0.58)
      formatador (~> 0.2)
    fog-json (1.0.2)
      fog-core (~> 1.0)
      multi_json (~> 1.10)
    fog-openstack (0.1.24)
      fog-core (~> 1.40)
      fog-json (>= 1.0)
      ipaddress (>= 0.8)
    formatador (0.2.5)
    google-api-client (0.19.8)
      addressable (~> 2.5, >= 2.5.1)
      googleauth (>= 0.5, < 0.7.0)
      httpclient (>= 2.8.1, < 3.0)
      mime-types (~> 3.0)
      representable (~> 3.0)
      retriable (>= 2.0, < 4.0)
    googleauth (0.6.2)
      faraday (~> 0.12)
      jwt (>= 1.4, < 3.0)
      logging (~> 2.0)
      memoist (~> 0.12)
      multi_json (~> 1.11)
      os (~> 0.9)
      signet (~> 0.7)
    hiera (3.4.2)
    hiera-puppet-helper (1.0.1)
    hocon (1.2.5)
    http-cookie (1.0.3)
      domain_name (~> 0.5)
    httpclient (2.8.3)
    ice_nine (0.11.2)
    in-parallel (0.1.17)
    inifile (3.0.0)
    iniparse (1.4.4)
    ipaddress (0.8.3)
    json (1.8.6)
    json-schema (2.8.0)
      addressable (>= 2.4)
    jwt (2.1.0)
    little-plugger (1.1.4)
    locale (2.1.2)
    logging (2.2.2)
      little-plugger (~> 1.1)
      multi_json (~> 1.10)
    memoist (0.16.0)
    metaclass (0.0.4)
    metadata-json-lint (2.1.0)
      json-schema (~> 2.8)
      spdx-licenses (~> 1.0)
    method_source (0.9.0)
    mime-types (3.1)
      mime-types-data (~> 3.2015)
    mime-types-data (3.2016.0521)
    mini_portile2 (2.3.0)
    minitar (0.6.1)
    minitest (5.11.3)
    mocha (1.3.0)
      metaclass (~> 0.0.1)
    multi_json (1.13.1)
    multipart-post (2.0.0)
    net-scp (1.2.1)
      net-ssh (>= 2.6.5)
    net-ssh (4.2.0)
    net-telnet (0.1.1)
    netrc (0.11.0)
    nokogiri (1.8.2)
      mini_portile2 (~> 2.3.0)
    oga (2.14)
      ast
      ruby-ll (~> 2.1)
    open_uri_redirections (0.2.1)
    os (0.9.6)
    parallel (1.12.1)
    parser (2.5.0.4)
      ast (~> 2.4.0)
    powerpack (0.1.1)
    pry (0.11.3)
      coderay (~> 1.1.0)
      method_source (~> 0.9.0)
    pry-byebug (3.4.3)
      byebug (>= 9.0, < 9.1)
      pry (~> 0.10)
    public_suffix (3.0.2)
    puppet (5.4.0)
      facter (> 2.0.1, < 4)
      fast_gettext (~> 1.1.2)
      hiera (>= 3.2.1, < 4)
      locale (~> 2.1)
    puppet-blacksmith (4.1.2)
      rest-client (~> 2.0)
    puppet-lint (2.3.3)
    puppet-syntax (2.4.1)
      rake
    puppetlabs_spec_helper (2.6.2)
      mocha (~> 1.0)
      puppet-lint (~> 2.0)
      puppet-syntax (~> 2.0)
      rspec-puppet (~> 2.0)
    rainbow (3.0.0)
    rake (12.3.0)
    rb-readline (0.5.5)
    rbvmomi (1.11.7)
      builder (~> 3.0)
      json (>= 1.8)
      nokogiri (~> 1.5)
      trollop (~> 2.1)
    reek (4.8.0)
      codeclimate-engine-rb (~> 0.4.0)
      parser (>= 2.5.0.0, < 2.6)
      rainbow (~> 3.0)
    representable (3.0.4)
      declarative (< 0.1.0)
      declarative-option (< 0.2.0)
      uber (< 0.2.0)
    require_all (1.3.3)
    rest-client (2.0.2)
      http-cookie (>= 1.0.2, < 2.0)
      mime-types (>= 1.16, < 4.0)
      netrc (~> 0.8)
    retriable (3.1.1)
    rspec (3.7.0)
      rspec-core (~> 3.7.0)
      rspec-expectations (~> 3.7.0)
      rspec-mocks (~> 3.7.0)
    rspec-collection_matchers (1.1.3)
      rspec-expectations (>= 2.99.0.beta1)
    rspec-core (3.7.1)
      rspec-support (~> 3.7.0)
    rspec-expectations (3.7.0)
      diff-lcs (>= 1.2.0, < 2.0)
      rspec-support (~> 3.7.0)
    rspec-its (1.2.0)
      rspec-core (>= 3.0.0)
      rspec-expectations (>= 3.0.0)
    rspec-mocks (3.7.0)
      diff-lcs (>= 1.2.0, < 2.0)
      rspec-support (~> 3.7.0)
    rspec-puppet (2.6.11)
      rspec
    rspec-puppet-utils (3.4.0)
      mocha
      puppet
      puppetlabs_spec_helper
      rspec
      rspec-puppet
    rspec-support (3.7.1)
    rsync (1.0.9)
    rubocop (0.53.0)
      parallel (~> 1.10)
      parser (>= 2.5)
      powerpack (~> 0.1)
      rainbow (>= 2.2.2, < 4.0)
      ruby-progressbar (~> 1.7)
      unicode-display_width (~> 1.0, >= 1.0.1)
    ruby-ll (2.1.2)
      ansi
      ast
    ruby-progressbar (1.9.0)
    ruby_parser (3.11.0)
      sexp_processor (~> 4.9)
    serverspec (2.41.3)
      multi_json
      rspec (~> 3.0)
      rspec-its
      specinfra (~> 2.72)
    sexp_processor (4.10.1)
    sfl (2.3)
    signet (0.8.1)
      addressable (~> 2.3)
      faraday (~> 0.9)
      jwt (>= 1.5, < 3.0)
      multi_json (~> 1.10)
    spdx-licenses (1.1.0)
    specinfra (2.73.2)
      net-scp
      net-ssh (>= 2.7, < 5.0)
      net-telnet
      sfl
    stringify-hash (0.0.2)
    thor (0.20.0)
    thread_safe (0.3.6)
    trollop (2.1.2)
    uber (0.1.0)
    unf (0.1.4)
      unf_ext
    unf_ext (0.0.7.5)
    unicode-display_width (1.3.0)
    virtus (1.0.5)
      axiom-types (~> 0.1)
      coercible (~> 1.0)
      descendants_tracker (~> 0.0, >= 0.0.3)
      equalizer (~> 0.0, >= 0.0.9)

PLATFORMS
  ruby

DEPENDENCIES
  beaker!
  beaker-docker!
  beaker-hiera
  beaker-module_install_helper
  beaker-pe
  beaker-puppet_install_helper
  beaker-rspec
  brakeman
  bundle-audit
  easy_type_helpers!
  fasterer
  hiera-puppet-helper
  metadata-json-lint
  overcommit!
  puppet (>= 4.0)
  puppet-blacksmith
  puppet-lint
  puppetlabs_spec_helper
  reek
  rspec-collection_matchers
  rspec-its
  rspec-puppet
  rspec-puppet-utils
  rubocop

BUNDLED WITH
   1.16.0
